GEM
  remote: https://rubygems.org/
  specs:
    concurrent-ruby (1.2.2)
    cpf_utils (1.3.0)
    faker (3.1.1)
      i18n (>= 1.8.11, < 2)
    i18n (1.12.0)
      concurrent-ruby (~> 1.0)
    lerolero_generator (1.0.1)

PLATFORMS
  x86_64-linux

DEPENDENCIES
  cpf_utils (= 1.3.0)
  faker
  lerolero_generator

BUNDLED WITH
   2.4.9
